GEM
  remote: https://rubygems.org/
  specs:
    addressable (2.5.0)
      public_suffix (~> 2.0, >= 2.0.2)
    domain_name (0.5.20161021)
      unf (>= 0.0.5, < 1.0.0)
    dotenv (2.1.1)
    eventmachine (1.2.0.1)
    faye-websocket (0.10.4)
      eventmachine (>= 0.12.0)
      websocket-driver (>= 0.5.1)
    http (2.0.3)
      addressable (~> 2.3)
      http-cookie (~> 1.0)
      http-form_data (~> 1.0.1)
      http_parser.rb (~> 0.6.0)
    http-cookie (1.0.3)
      domain_name (~> 0.5)
    http-form_data (1.0.1)
    http_parser.rb (0.6.0)
    httparty (0.14.0)
      multi_xml (>= 0.5.2)
    json (2.0.2)
    multi_xml (0.5.5)
    public_suffix (2.0.3)
    unf (0.1.4)
      unf_ext
    unf_ext (0.0.7.2)
    websocket-driver (0.6.4)
      websocket-extensions (>= 0.1.0)
    websocket-extensions (0.1.2)

PLATFORMS
  ruby

DEPENDENCIES
  dotenv
  eventmachine
  faye-websocket
  http
  httparty
  json

BUNDLED WITH
   1.13.6
